{
        "ImageType": "ORIGINAL/PRIMARY/M",
        "ManufacturerModelName": "SIEMENS MAGNETOM Investigational Device 7T",
        "ScanningSequence": "GRE",
        "MRAcquisitionType": "3D",
        "SequenceName": "gre_mgh_multiecho_seg_7T",
        "RepetitionTime": 0.040,
        "EchoTime": 0.0142,
        "NumberOfAverages": 1,
        "ImagingFrequency": 297181354,
        "MagneticFieldStrength": 7,
        "NumberOfPhaseEncodingSteps": 1760,
        "EchoTrainLength": 1,
        "PercentSampling": 100,
        "PercentPhaseFieldOfView": 100,
        "PixelBandwidth": 90,
        "AccelerationFactorPE": 1,
        "TotalScanTimeSec": 90112,
        "ReceiveCoilName": "7T31ChHeadSG",
        "DeviceSerialNumber": "18001",
        "SoftwareVersions": "syngo MR B17",
        "ProtocolName": "GRE_1e_100um_15deg*",
        "TransmitCoilName": "7T31ChHeadSG",
        "AcquisitionMatrix": "0/1760/1760/0",
        "InPlanePhaseEncodingDirection": "COL",
        "FlipAngle": 15,
        "PatientPosition": "HFS",
        "ExVivoPosition": "Superior Down Anterior Feet"
}
